PATH
  remote: .
  specs:
    sanger_barcode_format (0.0.1)

GEM
  remote: http://rubygems.org/
  specs:
    ast (2.3.0)
    diff-lcs (1.1.3)
    parser (2.3.1.4)
      ast (~> 2.2)
    powerpack (0.1.1)
    rainbow (2.1.0)
    rake (0.9.2.2)
    rspec (2.11.0)
      rspec-core (~> 2.11.0)
      rspec-expectations (~> 2.11.0)
      rspec-mocks (~> 2.11.0)
    rspec-core (2.11.1)
    rspec-expectations (2.11.3)
      diff-lcs (~> 1.1.3)
    rspec-mocks (2.11.3)
    rubocop (0.44.1)
      parser (>= 2.3.1.1, < 3.0)
      powerpack (~> 0.1)
      rainbow (>= 1.99.1, < 3.0)
      ruby-progressbar (~> 1.7)
      unicode-display_width (~> 1.0, >= 1.0.1)
    ruby-progressbar (1.8.1)
    unicode-display_width (1.1.1)
    yard (0.9.5)

PLATFORMS
  ruby

DEPENDENCIES
  rake (~> 0.9.2.2)
  rspec (~> 2.11.0)
  rubocop
  sanger_barcode_format!
  yard

BUNDLED WITH
   1.13.2
